GEM
  remote: https://rubygems.org/
  specs:
    addressable (2.3.6)
    arr-pm (0.0.9)
      cabin (> 0)
    backports (3.6.0)
    cabin (0.6.1)
    childprocess (0.5.3)
      ffi (~> 1.0, >= 1.0.11)
    clamp (0.6.3)
    facter (1.7.5)
    ffi (1.9.3)
    fpm (0.4.42)
      arr-pm (~> 0.0.8)
      backports (>= 2.6.2)
      cabin (>= 0.6.0)
      childprocess
      clamp (~> 0.6)
      ftw (~> 0.0.30)
      json (>= 1.7.7)
    fpm-cookery (0.16.2)
      addressable
      facter
      fpm (~> 0.4)
      puppet
      systemu
    ftw (0.0.39)
      addressable
      backports (>= 2.6.2)
      cabin (> 0)
      http_parser.rb (= 0.5.3)
    hiera (1.3.2)
      json_pure
    http_parser.rb (0.5.3)
    json (1.8.1)
    json_pure (1.8.1)
    puppet (3.5.1)
      facter (> 1.6, < 3)
      hiera (~> 1.0)
      json_pure
      rgen (~> 0.6.5)
    rgen (0.6.6)
    systemu (2.6.4)

PLATFORMS
  ruby

DEPENDENCIES
  facter (= 1.7.5)
  fpm-cookery (= 0.16.2)
